PATH
  remote: .
  specs:
    tvdb_party_v2 (0.1.7)

GEM
  remote: https://rubygems.org/
  specs:
    httparty (0.21.0)
      mini_mime (>= 1.0.0)
      multi_xml (>= 0.5.2)
    mini_mime (1.1.2)
    minitest (5.11.3)
    multi_xml (0.6.0)
    rake (13.0.1)

PLATFORMS
  ruby

DEPENDENCIES
  bundler (~> 1.16)
  httparty
  minitest
  rake (~> 13.0)
  tvdb_party_v2!

BUNDLED WITH
   1.16.1
